GEM
  remote: https://rubygems.org/
  specs:
    io (0.0.1)

PLATFORMS
  ruby

DEPENDENCIES
  io

BUNDLED WITH
   1.10.6
